GEM
  remote: https://rubygems.org/
  specs:
    audite (0.3.0)
    ruby-progressbar (1.5.1)

PLATFORMS
  ruby

DEPENDENCIES
  audite
  ruby-progressbar
